GEM
  remote: https://rubygems.org/
  specs:
    activesupport (5.0.0.1)
      concurrent-ruby (~> 1.0, >= 1.0.2)
      i18n (~> 0.7)
      minitest (~> 5.1)
      tzinfo (~> 1.1)
    bubble-wrap (1.5.0)
    claide (1.0.0)
    colored (1.2)
    concurrent-ruby (1.0.2)
    i18n (0.7.0)
    ib (1.0.1)
      thor (~> 0.19.1)
      tilt (~> 2.0.3)
      xcodeproj (~> 1.0)
    minitest (5.9.0)
    rake (11.2.2)
    thor (0.19.1)
    thread_safe (0.3.5)
    tilt (2.0.5)
    tzinfo (1.2.2)
      thread_safe (~> 0.1)
    xcodeproj (1.3.1)
      activesupport (>= 3)
      claide (>= 1.0.0, < 2.0)
      colored (~> 1.2)

PLATFORMS
  ruby

DEPENDENCIES
  bubble-wrap (~> 1.5.0)
  ib
  rake

BUNDLED WITH
   1.12.5
